PATH
  remote: .
  specs:
    whisper (0.1.0)

GEM
  remote: https://gems.ruby-china.com/
  specs:
    minitest (5.14.2)
    mustermann (1.1.1)
      ruby2_keywords (~> 0.0.1)
    pastel (0.8.0)
      tty-color (~> 0.5)
    rack (2.2.3)
    rack-protection (2.1.0)
      rack
    rake (12.3.3)
    ruby2_keywords (0.0.2)
    sinatra (2.1.0)
      mustermann (~> 1.0)
      rack (~> 2.2)
      rack-protection (= 2.1.0)
      tilt (~> 2.0)
    strings (0.2.0)
      strings-ansi (~> 0.2)
      unicode-display_width (~> 1.5)
      unicode_utils (~> 1.4)
    strings-ansi (0.2.0)
    tilt (2.0.10)
    tty-box (0.6.0)
      pastel (~> 0.8)
      strings (~> 0.2.0)
      tty-cursor (~> 0.7)
    tty-color (0.6.0)
    tty-cursor (0.7.1)
    tty-screen (0.8.1)
    unicode-display_width (1.7.0)
    unicode_utils (1.4.0)

PLATFORMS
  ruby

DEPENDENCIES
  minitest (~> 5.0)
  rake (~> 12.0)
  sinatra
  tty-box
  tty-screen
  whisper!

BUNDLED WITH
   2.1.4
