PATH
  remote: .
  specs:
    whisper (0.1.0)

GEM
  remote: https://gems.ruby-china.com/
  specs:
    minitest (5.14.2)
    pastel (0.8.0)
      tty-color (~> 0.5)
    rake (12.3.3)
    strings (0.2.0)
      strings-ansi (~> 0.2)
      unicode-display_width (~> 1.5)
      unicode_utils (~> 1.4)
    strings-ansi (0.2.0)
    tty-box (0.6.0)
      pastel (~> 0.8)
      strings (~> 0.2.0)
      tty-cursor (~> 0.7)
    tty-color (0.6.0)
    tty-cursor (0.7.1)
    tty-screen (0.8.1)
    unicode-display_width (1.7.0)
    unicode_utils (1.4.0)

PLATFORMS
  ruby

DEPENDENCIES
  minitest (~> 5.0)
  rake (~> 12.0)
  tty-box
  tty-screen
  whisper!

BUNDLED WITH
   2.1.4
